GEM
  remote: http://rubygems.org/
  specs:
    ffi (1.1.5)
    listen (0.5.1)
    net-ldap (0.2.2)
    net-ping (1.5.3)
      ffi (>= 1.0.0)
      net-ldap (~> 0.2.2)
    rb-inotify (0.8.8)
      ffi (>= 0.5.0)

PLATFORMS
  ruby

DEPENDENCIES
  listen
  net-ping
  rb-inotify (~> 0.8.8)
